GEM
  remote: https://rubygems.org/
  specs:

PLATFORMS
  x86_64-linux-musl

DEPENDENCIES

BUNDLED WITH
   2.3.7
